PATH
  remote: .
  specs:
    msteams_notifier (0.1.1)

GEM
  remote: https://rubygems.org/
  specs:
    rake (12.3.3)

PLATFORMS
  ruby

DEPENDENCIES
  msteams_notifier!
  rake (>= 12.0)

BUNDLED WITH
   2.1.4
